GIT
  remote: git://github.com/welldan97/project_config.git
  revision: eb9818054a408f5eaf7187f2ee59144cc6905995
  specs:
    project_config (0.0.1)
      settingslogic (~> 2.0.9)

GEM
  remote: https://rubygems.org/
  specs:
    activesupport (3.2.8)
      i18n (~> 0.6)
      multi_json (~> 1.0)
    coderay (1.0.8)
    ffi (1.1.1)
    guard (1.3.2)
      listen (>= 0.4.2)
      thor (>= 0.14.6)
    guard-shell (0.5.1)
      guard (>= 1.1.0)
    i18n (0.6.1)
    listen (0.4.7)
      rb-fchange (~> 0.0.5)
      rb-fsevent (~> 0.9.1)
      rb-inotify (~> 0.8.8)
    method_source (0.8.1)
    mini_magick (3.6.0)
      subexec (~> 0.2.1)
    multi_json (1.3.6)
    pry (0.9.10)
      coderay (~> 1.0.5)
      method_source (~> 0.8)
      slop (~> 3.3.1)
    rake (0.9.2.2)
    rb-fchange (0.0.5)
      ffi
    rb-fsevent (0.9.1)
    rb-inotify (0.8.8)
      ffi (>= 0.5.0)
    settingslogic (2.0.9)
    slop (3.3.3)
    subexec (0.2.3)
    thor (0.16.0)

PLATFORMS
  ruby

DEPENDENCIES
  activesupport
  guard-shell (~> 0.5.1)
  mini_magick
  project_config!
  pry
  rake (~> 0.9.2)
